GEM
  specs:
    minitest (5.10.3)

PLATFORMS
  ruby

DEPENDENCIES
  minitest (>= 5.0.0)

BUNDLED WITH
   1.16.2
